GEM
  remote: https://rubygems.org/
  specs:
    crack (0.1.8)
    flickraw (0.9.6)
    hashie (1.2.0)
    httmultiparty (0.3.8)
      httparty (>= 0.7.3)
      multipart-post
    httparty (0.7.8)
      crack (= 0.1.8)
    multipart-post (1.1.5)
    rack (1.4.1)
    rack-protection (1.2.0)
      rack
    sass (3.1.19)
    sinatra (1.3.2)
      rack (~> 1.3, >= 1.3.6)
      rack-protection (~> 1.2)
      tilt (~> 1.3, >= 1.3.3)
    soundcloud (0.2.9)
      hashie
      httmultiparty (~> 0.3.0)
      httparty (~> 0.7.3)
    tilt (1.3.3)

PLATFORMS
  ruby

DEPENDENCIES
  flickraw
  sass
  sinatra
  soundcloud
